GEM
  remote: https://rubygems.org/
  specs:
    jekyll (4.3.2)
    jekyll-seo-tag (2.8.0)
    just-the-docs (0.5.4)

PLATFORMS
  ruby

DEPENDENCIES
  jekyll (~> 4.3.2)
  jekyll-seo-tag
  just-the-docs